GEM
  remote: http://rubygems.org/
  specs:
    minitest (5.10.3)
    mutex_m (0.3.0)
    rake (13.3.0)
    yard (0.9.37)

PLATFORMS
  ruby
  x86_64-linux

DEPENDENCIES
  minitest (~> 5.10.1)
  mutex_m (~> 0.3)
  rake
  yard

BUNDLED WITH
   2.6.9
